GEM
  remote: https://rubygems.org/
  specs:
    awesome_print (1.2.0)
    iostruct (0.0.4)
    mini_portile (0.5.2)
    multipart-post (1.1.5)
    nokogiri (1.6.1)
      mini_portile (~> 0.5.0)
    pedump (0.5.0)
      awesome_print
      iostruct (>= 0.0.4)
      multipart-post (~> 1.1.4)
      progressbar
      zhexdump (>= 0.0.2)
    progressbar (0.21.0)
    rubyzip (0.9.9)
    sqlite3 (1.3.8)
    zhexdump (0.0.2)

PLATFORMS
  ruby

DEPENDENCIES
  nokogiri
  pedump
  rubyzip
  sqlite3
